GEM
  remote: https://rubygems.org/
  specs:
    seven_zip_ruby (1.3.0)

PLATFORMS
  ruby

DEPENDENCIES
  seven_zip_ruby

BUNDLED WITH
   2.2.16
